GIT
  remote: git://github.com/plataformatec/devise.git
  revision: 3bd78cabd862ab7d10876be1709e651bd0367688
  specs:
    devise (2.0.0.rc)
      bcrypt-ruby (~> 3.0)
      orm_adapter (~> 0.0.3)
      railties (~> 3.1)
      warden (~> 1.1)

GIT
  remote: git://github.com/plataformatec/simple_form.git
  revision: 95f711366184cf38ebf9a571387ba5006114a40a
  specs:
    simple_form (2.0.0.dev)
      actionpack (~> 3.0)
      activemodel (~> 3.0)

GIT
  remote: https://github.com/hassox/warden.git
  revision: 6c4ab3ca1eda1995321c31595b2dd5853a27daf3
  specs:
    warden (1.1.0)
      rack (>= 1.0)

GEM
  remote: http://rubygems.org/
  specs:
    actionmailer (3.2.1)
      actionpack (= 3.2.1)
      mail (~> 2.4.0)
    actionpack (3.2.1)
      activemodel (= 3.2.1)
      activesupport (= 3.2.1)
      builder (~> 3.0.0)
      erubis (~> 2.7.0)
      journey (~> 1.0.1)
      rack (~> 1.4.0)
      rack-cache (~> 1.1)
      rack-test (~> 0.6.1)
      sprockets (~> 2.1.2)
    activemodel (3.2.1)
      activesupport (= 3.2.1)
      builder (~> 3.0.0)
    activerecord (3.2.1)
      activemodel (= 3.2.1)
      activesupport (= 3.2.1)
      arel (~> 3.0.0)
      tzinfo (~> 0.3.29)
    activeresource (3.2.1)
      activemodel (= 3.2.1)
      activesupport (= 3.2.1)
    activesupport (3.2.1)
      i18n (~> 0.6)
      multi_json (~> 1.0)
    addressable (2.2.6)
    arel (3.0.0)
    bcrypt-ruby (3.0.1)
    bootstrap-sass (2.0.4.2)
    builder (3.0.0)
    cancan (1.6.7)
    capistrano (2.9.0)
      highline
      net-scp (>= 1.0.0)
      net-sftp (>= 2.0.0)
      net-ssh (>= 2.0.14)
      net-ssh-gateway (>= 1.1.0)
    capybara (1.1.2)
      mime-types (>= 1.16)
      nokogiri (>= 1.3.3)
      rack (>= 1.0.0)
      rack-test (>= 0.5.4)
      selenium-webdriver (~> 2.0)
      xpath (~> 0.1.4)
    childprocess (0.3.0)
      ffi (~> 1.0.6)
    cocoon (1.0.15)
    coffee-rails (3.2.2)
      coffee-script (>= 2.2.0)
      railties (~> 3.2.0)
    coffee-script (2.2.0)
      coffee-script-source
      execjs
    coffee-script-source (1.2.0)
    crack (0.3.1)
    crummy (1.3.6)
    cucumber (1.1.4)
      builder (>= 2.1.2)
      diff-lcs (>= 1.1.2)
      gherkin (~> 2.7.1)
      json (>= 1.4.6)
      term-ansicolor (>= 1.0.6)
    cucumber-rails (1.2.1)
      capybara (>= 1.1.2)
      cucumber (>= 1.1.3)
      nokogiri (>= 1.5.0)
    database_cleaner (0.7.1)
    diff-lcs (1.1.3)
    dragonfly (0.9.10)
      rack
    erubis (2.7.0)
    execjs (1.3.0)
      multi_json (~> 1.0)
    ffaker (1.12.1)
    ffi (1.0.11)
    foreigner (1.1.1)
      activerecord (>= 3.0.0)
    geocoder (1.1.0)
    gherkin (2.7.4)
      json (>= 1.4.6)
    gmaps4rails (1.4.3)
      json
    gravtastic (3.2.6)
    guard (1.0.0)
      ffi (>= 0.5.0)
      thor (~> 0.14.6)
    guard-bundler (0.1.3)
      bundler (>= 1.0.0)
      guard (>= 0.2.2)
    guard-cucumber (0.7.5)
      cucumber (>= 0.10)
      guard (>= 0.8.3)
    guard-pow (0.2.1)
      guard (>= 0.3.0)
    guard-rake (0.0.3)
      guard
      rake
    guard-rspec (0.6.0)
      guard (>= 0.10.0)
    guard-spork (0.5.1)
      guard (>= 0.10.0)
      spork (>= 0.8.4)
    haml (3.1.4)
    has_scope (0.5.1)
    highline (1.6.9)
    hike (1.2.1)
    i18n (0.6.0)
    inherited_resources (1.3.0)
      has_scope (~> 0.5.0)
      responders (~> 0.6.0)
    journey (1.0.1)
    jquery-rails (1.0.19)
      railties (~> 3.0)
      thor (~> 0.14)
    json (1.6.5)
    launchy (2.0.5)
      addressable (~> 2.2.6)
    machinist (2.0)
    mail (2.4.1)
      i18n (>= 0.4.0)
      mime-types (~> 1.16)
      treetop (~> 1.4.8)
    mime-types (1.17.2)
    money (4.0.1)
      i18n (~> 0.4)
      json
    multi_json (1.0.4)
    navigasmic (0.5.6)
    net-scp (1.0.4)
      net-ssh (>= 1.99.1)
    net-sftp (2.0.5)
      net-ssh (>= 2.0.9)
    net-ssh (2.3.0)
    net-ssh-gateway (1.1.0)
      net-ssh (>= 1.99.1)
    nokogiri (1.5.0)
    orm_adapter (0.0.6)
    pg (0.12.2)
    polyglot (0.3.3)
    rack (1.4.1)
    rack-cache (1.1)
      rack (>= 0.4)
    rack-ssl (1.3.2)
      rack
    rack-test (0.6.1)
      rack (>= 1.0)
    rails (3.2.1)
      actionmailer (= 3.2.1)
      actionpack (= 3.2.1)
      activerecord (= 3.2.1)
      activeresource (= 3.2.1)
      activesupport (= 3.2.1)
      bundler (~> 1.0)
      railties (= 3.2.1)
    rails3-jquery-autocomplete (1.0.5)
      rails (~> 3.0)
    railties (3.2.1)
      actionpack (= 3.2.1)
      activesupport (= 3.2.1)
      rack-ssl (~> 1.3.2)
      rake (>= 0.8.7)
      rdoc (~> 3.4)
      thor (~> 0.14.6)
    rake (0.9.2.2)
    rdoc (3.12)
      json (~> 1.4)
    responders (0.6.4)
    rspec (2.8.0)
      rspec-core (~> 2.8.0)
      rspec-expectations (~> 2.8.0)
      rspec-mocks (~> 2.8.0)
    rspec-core (2.8.0)
    rspec-expectations (2.8.0)
      diff-lcs (~> 1.1.2)
    rspec-mocks (2.8.0)
    rspec-rails (2.8.1)
      actionpack (>= 3.0)
      activesupport (>= 3.0)
      railties (>= 3.0)
      rspec (~> 2.8.0)
    ruby_gntp (0.3.4)
    rubyzip (0.9.5)
    sass (3.1.13)
    sass-rails (3.2.4)
      railties (~> 3.2.0)
      sass (>= 3.1.10)
      tilt (~> 1.3)
    selenium-webdriver (2.17.0)
      childprocess (>= 0.2.5)
      ffi (~> 1.0.9)
      multi_json (~> 1.0.4)
      rubyzip
    spork (0.8.5)
    sprockets (2.1.2)
      hike (~> 1.2)
      rack (~> 1.0)
      tilt (~> 1.1, != 1.3.0)
    tabletastic (0.2.3)
      activesupport (~> 3.0)
    term-ansicolor (1.0.7)
    thor (0.14.6)
    tilt (1.3.3)
    treetop (1.4.10)
      polyglot
      polyglot (>= 0.3.1)
    tzinfo (0.3.31)
    uglifier (1.2.2)
      execjs (>= 0.3.0)
      multi_json (>= 1.0.2)
    webmock (1.7.10)
      addressable (~> 2.2, > 2.2.5)
      crack (>= 0.1.7)
    xpath (0.1.4)
      nokogiri (~> 1.3)

PLATFORMS
  ruby

DEPENDENCIES
  bootstrap-sass (~> 2.0.4.2)
  cancan
  capistrano
  capybara
  cocoon
  coffee-rails (~> 3.2.1)
  crummy
  cucumber-rails
  database_cleaner
  devise!
  dragonfly
  ffaker
  foreigner
  geocoder
  gmaps4rails
  gravtastic
  guard
  guard-bundler
  guard-cucumber
  guard-pow
  guard-rake
  guard-rspec
  guard-spork
  haml
  inherited_resources
  jquery-rails
  json
  launchy
  machinist (>= 2.0.0.beta2)
  money
  navigasmic
  pg
  rack-cache
  rails (= 3.2.1)
  rails3-jquery-autocomplete
  rspec-rails (~> 2.6)
  ruby_gntp
  sass-rails (~> 3.2.3)
  simple_form!
  spork
  tabletastic
  uglifier
  warden!
  webmock
